GEM
  remote: https://rubygems.org/
  specs:
    RedCloth (4.2.9)
    albino (1.3.3)
      posix-spawn (>= 0.3.6)
    classifier (1.3.3)
      fast-stemmer (>= 1.0.0)
    daemons (1.1.9)
    directory_watcher (1.4.1)
    eventmachine (1.0.3)
    fast-stemmer (1.0.2)
    jekyll (0.11.0)
      albino (>= 1.3.2)
      classifier (>= 1.3.1)
      directory_watcher (>= 1.1.1)
      kramdown (>= 0.13.2)
      liquid (>= 1.9.0)
      maruku (>= 0.5.9)
    kramdown (1.2.0)
    liquid (2.2.2)
    maruku (0.7.0)
    posix-spawn (0.3.6)
    rack (1.5.2)
    rack-jekyll (0.3.5)
      jekyll
      rack
    rdiscount (2.1.7)
    thin (1.6.1)
      daemons (>= 1.0.9)
      eventmachine (>= 1.0.0)
      rack (>= 1.0.0)

PLATFORMS
  ruby

DEPENDENCIES
  RedCloth
  directory_watcher (= 1.4.1)
  jekyll (= 0.11.0)
  liquid (= 2.2.2)
  rack-jekyll
  rdiscount
  thin
