GEM
  remote: https://rubygems.org/
  specs:
    RedCloth (4.2.9)
    albino (1.3.3)
      posix-spawn (>= 0.3.6)
    builder (3.2.2)
    classifier (1.3.3)
      fast-stemmer (>= 1.0.0)
    daemons (1.1.9)
    directory_watcher (1.4.1)
    dotenv (0.9.0)
    eventmachine (1.0.3)
    excon (0.28.0)
    fast-stemmer (1.0.2)
    fog (1.18.0)
      builder
      excon (~> 0.28.0)
      formatador (~> 0.2.0)
      mime-types
      multi_json (~> 1.0)
      net-scp (~> 1.1)
      net-ssh (>= 2.1.3)
      nokogiri (~> 1.5)
      ruby-hmac
    formatador (0.2.4)
    hanzo (0.2.3)
      highline (>= 1.6.19)
    highline (1.6.20)
    jekyll (0.11.0)
      albino (>= 1.3.2)
      classifier (>= 1.3.1)
      directory_watcher (>= 1.1.1)
      kramdown (>= 0.13.2)
      liquid (>= 1.9.0)
      maruku (>= 0.5.9)
    kramdown (1.2.0)
    liquid (2.2.2)
    maruku (0.7.0)
    mime-types (2.0)
    mini_magick (3.7.0)
      subexec (~> 0.2.1)
    mini_portile (0.5.2)
    multi_json (1.8.2)
    net-scp (1.1.2)
      net-ssh (>= 2.6.5)
    net-ssh (2.7.0)
    nokogiri (1.6.0)
      mini_portile (~> 0.5.0)
    posix-spawn (0.3.6)
    rack (1.5.2)
    rack-google-analytics (0.11.0)
    rack-jekyll (0.3.5)
      jekyll
      rack
    rdiscount (2.1.7)
    ruby-hmac (0.4.0)
    subexec (0.2.3)
    thin (1.6.1)
      daemons (>= 1.0.9)
      eventmachine (>= 1.0.0)
      rack (>= 1.0.0)
    unf (0.1.3)
      unf_ext
    unf_ext (0.0.6)

PLATFORMS
  ruby

DEPENDENCIES
  RedCloth
  directory_watcher (= 1.4.1)
  dotenv
  fog
  hanzo
  jekyll (= 0.11.0)
  liquid (= 2.2.2)
  mini_magick
  rack-google-analytics
  rack-jekyll
  rdiscount
  thin
  unf
